GEM
  remote: http://rubygems.org/
  specs:
    builder (3.2.3)
    childprocess (0.7.0)
      ffi (~> 1.0, >= 1.0.11)
    cucumber (2.1.0)
      builder (>= 2.1.2)
      cucumber-core (~> 1.3.0)
      diff-lcs (>= 1.1.3)
      gherkin3 (~> 3.1.0)
      multi_json (>= 1.7.5, < 2.0)
      multi_test (>= 0.1.2)
    cucumber-core (1.3.1)
      gherkin3 (~> 3.1.0)
    diff-lcs (1.3)
    ffi (1.9.18-x64-mingw32)
    gherkin3 (3.1.2)
    multi_json (1.12.1)
    multi_test (0.1.2)
    rspec-expectations (3.3.1)
      diff-lcs (>= 1.2.0, < 2.0)
      rspec-support (~> 3.3.0)
    rspec-support (3.3.0)
    rubyzip (1.2.1)
    selenium-webdriver (2.48.1)
      childprocess (~> 0.5)
      multi_json (~> 1.0)
      rubyzip (~> 1.0)
      websocket (~> 1.0)
    websocket (1.2.4)

PLATFORMS
  x64-mingw32

DEPENDENCIES
  cucumber (~> 2.1.0)
  rspec-expectations (~> 3.3.1)
  selenium-webdriver (~> 2.48.1)

BUNDLED WITH
   1.15.0
